GEM
  remote: https://rubygems.org/
  specs:
    builder (3.2.2)
    dotenv (2.0.2)
    httpclient (2.6.0.1)
    jwt (1.0.0)
    multi_json (1.11.2)
    pusher (0.14.5)
      httpclient (~> 2.5)
      multi_json (~> 1.0)
      signature (~> 0.1.8)
    rack (1.6.4)
    rack-protection (1.5.3)
      rack
    signature (0.1.8)
    sinatra (1.4.5)
      rack (~> 1.4)
      rack-protection (~> 1.4)
      tilt (~> 1.3, >= 1.3.4)
    tilt (1.4.1)
    twilio-ruby (3.13.1)
      builder (>= 2.1.2)
      jwt (~> 1.0.0)
      multi_json (>= 1.3.0)

PLATFORMS
  ruby

DEPENDENCIES
  dotenv
  pusher
  sinatra
  twilio-ruby
